PATH
  remote: .
  specs:
    show_list (0.1.0)

GEM
  remote: https://rubygems.org/
  specs:
    rake (12.3.3)

PLATFORMS
  ruby

DEPENDENCIES
  rake (~> 12.0)
  show_list!

BUNDLED WITH
   2.1.4
